GEM
  remote: https://rubygems.org/
  specs:
    benchmark-ips (2.14.0)
    diff-lcs (1.6.1)
    memory_profiler (1.0.2)
    rspec (3.13.0)
      rspec-core (~> 3.13.0)
      rspec-expectations (~> 3.13.0)
      rspec-mocks (~> 3.13.0)
    rspec-core (3.13.3)
      rspec-support (~> 3.13.0)
    rspec-expectations (3.13.3)
      diff-lcs (>= 1.2.0, < 2.0)
      rspec-support (~> 3.13.0)
    rspec-mocks (3.13.2)
      diff-lcs (>= 1.2.0, < 2.0)
      rspec-support (~> 3.13.0)
    rspec-support (3.13.2)

PLATFORMS
  ruby

DEPENDENCIES
  benchmark-ips
  memory_profiler
  rspec

BUNDLED WITH
   1.17.2
